PATH
  remote: .
  specs:
    mtscommunicator (0.0.1)
      crack
      curb
      digest
      i18n

GEM
  remote: https://rubygems.org/
  specs:
    crack (0.4.2)
      safe_yaml (~> 1.0.0)
    curb (0.8.6)
    digest (0.0.1)
    i18n (0.6.11)
    safe_yaml (1.0.3)

PLATFORMS
  ruby

DEPENDENCIES
  mtscommunicator!
